NUGET
  remote: https://www.nuget.org/api/v2
    FAKE (4.45.3)
    FSharp.Core (4.0.0.1)
    FSharp.Data.TypeProviders (5.0.0.2)
      FSharp.Core (>= 3.1.2.5)
    FSharpComposableQuery (1.0.4-beta)
